GEM
  remote: https://rubygems.org/
  specs:
    chunky_png (1.3.5)
    compass (0.12.7)
      chunky_png (~> 1.2)
      fssm (>= 0.2.7)
      sass (~> 3.2.19)
    fssm (0.2.10)
    oily_png (1.2.0)
      chunky_png (~> 1.3.1)
    sass (3.2.19)
    sass-globbing (1.1.5)
      sass (>= 3.1)
    zen-grids (1.5)
      sass (>= 3.1, < 3.4)

PLATFORMS
  ruby

DEPENDENCIES
  compass (<= 0.13)
  oily_png (~> 1.1)
  sass (~> 3.2.0)
  sass-globbing (~> 1.1)
  zen-grids (~> 1.5)

BUNDLED WITH
   1.11.2
